GEM
  remote: http://rubygems.org/
  specs:
    bluecloth (2.2.0)
    bson (1.4.0)
    haml (3.1.3)
    mongo (1.4.0)
      bson (= 1.4.0)
    mongo_ext (0.19.3)
    newrelic_rpm (3.3.0)
    rack (1.3.5)
    rack-protection (1.1.4)
      rack
    sinatra (1.3.1)
      rack (~> 1.3, >= 1.3.4)
      rack-protection (~> 1.1, >= 1.1.2)
      tilt (~> 1.3, >= 1.3.3)
    tilt (1.3.3)

PLATFORMS
  ruby

DEPENDENCIES
  bluecloth
  haml
  mongo
  mongo_ext
  newrelic_rpm
  sinatra
