GEM
  remote: http://rubygems.org/
  specs:
    bson (1.3.1)
    haml (3.1.3)
    mongo (1.3.1)
      bson (>= 1.3.1)
    mongo_ext (0.19.3)
    newrelic_rpm (3.1.2)
    rack (1.3.2)
    sinatra (1.2.6)
      rack (~> 1.1)
      tilt (>= 1.2.2, < 2.0)
    tilt (1.3.3)

PLATFORMS
  ruby

DEPENDENCIES
  haml
  mongo
  mongo_ext
  newrelic_rpm
  sinatra
